GEM
  remote: https://rubygems.org/
  specs:
    RubyInline (3.12.1)
      ZenTest (~> 4.3)
    ZenTest (4.6.0)
    addressable (2.3.2)
    archive-tar-minitar (0.5.2)
    capybara (2.0.2)
      mime-types (>= 1.16)
      nokogiri (>= 1.3.3)
      rack (>= 1.0.0)
      rack-test (>= 0.5.4)
      selenium-webdriver (~> 2.0)
      xpath (~> 1.0.0)
    childprocess (0.3.8)
      ffi (~> 1.0, >= 1.0.11)
    columnize (0.3.6)
    couchrest (1.1.3)
      mime-types (~> 1.15)
      multi_json (~> 1.0)
      rest-client (~> 1.6.1)
    daemons (1.1.9)
    diff-lcs (1.1.3)
    eventmachine (1.0.0)
    eventmachine (1.0.0-java)
    eventmachine (1.0.0-x86-mingw32)
    ffi (1.4.0)
    ffi (1.4.0-java)
    haml (4.0.0)
      tilt
    json (1.7.7)
    json (1.7.7-java)
    launchy (2.2.0)
      addressable (~> 2.3)
    launchy (2.2.0-java)
      addressable (~> 2.3)
      spoon (~> 0.0.1)
    libwebsocket (0.1.7.1)
      addressable
      websocket
    linecache (0.46)
      rbx-require-relative (> 0.0.4)
    linecache19 (0.5.12)
      ruby_core_source (>= 0.1.4)
    memcache-client (1.8.5)
    mime-types (1.21)
    multi_json (1.6.1)
    nokogiri (1.5.6)
    nokogiri (1.5.6-java)
    nokogiri (1.5.6-x86-mingw32)
    png (1.2.0)
    rack (1.5.2)
    rack-test (0.5.6)
      rack (>= 1.0)
    rake (10.0.3)
    rbx-require-relative (0.0.9)
    rest-client (1.6.7)
      mime-types (>= 1.16)
    rspec (2.4.0)
      rspec-core (~> 2.4.0)
      rspec-expectations (~> 2.4.0)
      rspec-mocks (~> 2.4.0)
    rspec-core (2.4.0)
    rspec-expectations (2.4.0)
      diff-lcs (~> 1.1.2)
    rspec-mocks (2.4.0)
    ruby-debug (0.10.4)
      columnize (>= 0.1)
      ruby-debug-base (~> 0.10.4.0)
    ruby-debug-base (0.10.4)
      linecache (>= 0.3)
    ruby-debug-base19 (0.11.25)
      columnize (>= 0.3.1)
      linecache19 (>= 0.5.11)
      ruby_core_source (>= 0.1.4)
    ruby-debug19 (0.11.6)
      columnize (>= 0.3.1)
      linecache19 (>= 0.5.11)
      ruby-debug-base19 (>= 0.11.19)
    ruby-openid (2.2.3)
    ruby_core_source (0.1.5)
      archive-tar-minitar (>= 0.5.2)
    rubyzip (0.9.9)
    sass (3.2.5)
    selenium-webdriver (2.22.2)
      childprocess (>= 0.2.5)
      ffi (~> 1.0)
      libwebsocket (~> 0.1.3)
      multi_json (~> 1.0)
      rubyzip
    sinatra (1.2.6)
      rack (~> 1.1)
      tilt (>= 1.2.2, < 2.0)
    spoon (0.0.1)
    thin (1.5.0)
      daemons (>= 1.0.9)
      eventmachine (>= 0.12.6)
      rack (>= 1.0.0)
    tilt (1.3.3)
    websocket (1.0.7)
    xpath (1.0.0)
      nokogiri (~> 1.3)

PLATFORMS
  java
  ruby
  x86-mingw32

DEPENDENCIES
  RubyInline
  ZenTest (<= 4.6.0)
  capybara
  couchrest
  haml
  json
  launchy
  memcache-client
  png
  rack-test (= 0.5.6)
  rake
  rest-client
  rspec (= 2.4.0)
  rspec-core (= 2.4.0)
  rspec-expectations (= 2.4.0)
  rspec-mocks (= 2.4.0)
  ruby-debug
  ruby-debug19
  ruby-openid
  sass
  selenium-webdriver (= 2.22.2)
  sinatra (= 1.2.6)
  thin
